GEM
  remote: http://rubygems.org/
  specs:
    ruby-graphviz (0.9.21)

PLATFORMS
  ruby

DEPENDENCIES
  ruby-graphviz
